GEM
  remote: https://rubygems.org/
  specs:
    dotenv (2.2.2)
    mini_portile2 (2.3.0)
    nokogiri (1.8.4)
      mini_portile2 (~> 2.3.0)
    sqlite3 (1.3.13)
    unicode (0.4.4.4)

PLATFORMS
  ruby

DEPENDENCIES
  dotenv (~> 2.2.1)
  nokogiri (~> 1.8.2)
  sqlite3 (~> 1.3.13)
  unicode (~> 0.4.4.4)

BUNDLED WITH
   1.16.2
